GEM
  remote: https://rubygems.org/
  specs:
    csv (3.2.6)
    date (3.3.4)
    mustermann (3.0.0)
      ruby2_keywords (~> 0.0.1)
    open-uri (0.3.0)
      stringio
      time
      uri
    rack (2.2.8)
    rack-protection (3.1.0)
      rack (~> 2.2, >= 2.2.4)
    rexml (3.2.6)
    ruby2_keywords (0.0.5)
    rubyzip (2.3.2)
    selenium-webdriver (4.15.0)
      rexml (~> 3.2, >= 3.2.5)
      rubyzip (>= 1.2.2, < 3.0)
      websocket (~> 1.0)
    sinatra (3.1.0)
      mustermann (~> 3.0)
      rack (~> 2.2, >= 2.2.4)
      rack-protection (= 3.1.0)
      tilt (~> 2.0)
    stringio (3.0.9)
    tempfile (0.1.3)
    tilt (2.2.0)
    time (0.2.2)
      date
    uri (0.12.1)
    websocket (1.2.10)

PLATFORMS
  arm64-darwin-22

DEPENDENCIES
  csv
  open-uri
  selenium-webdriver
  sinatra
  tempfile

RUBY VERSION
   ruby 3.2.2p53

BUNDLED WITH
   2.4.15
